PATH
  remote: ../sidekiq
  specs:
    sidekiq (0.6.0)
      celluloid
      connection_pool
      multi_json
      redis
      redis-namespace

GEM
  remote: http://rubygems.org/
  specs:
    celluloid (0.8.0)
    connection_pool (0.1.0)
    multi_json (1.0.4)
    rack (1.4.1)
    redis (2.2.2)
    redis-namespace (1.1.0)
      redis (< 3.0.0)
    sinatra (1.2.7)
      rack (~> 1.1)
      tilt (>= 1.2.2, < 2.0)
    tilt (1.3.3)

PLATFORMS
  ruby

DEPENDENCIES
  sidekiq!
  sinatra
